PATH
  remote: .
  specs:
    right_http_connection (1.5.1)

GEM
  remote: http://rubygems.org/
  specs:
    builder (3.2.4)
    cucumber (0.10.7)
      builder (>= 2.1.2)
      diff-lcs (>= 1.1.2)
      gherkin (~> 2.4.0)
      json (>= 1.4.6)
      term-ansicolor (>= 1.0.5)
    diff-lcs (1.4.4)
    flexmock (0.8.11)
    gherkin (2.4.21)
      json (>= 1.4.6)
    json (2.3.1)
    rake (11.3.0)
    rspec (2.99.0)
      rspec-core (~> 2.99.0)
      rspec-expectations (~> 2.99.0)
      rspec-mocks (~> 2.99.0)
    rspec-core (2.99.2)
    rspec-expectations (2.99.2)
      diff-lcs (>= 1.1.3, < 2.0)
    rspec-mocks (2.99.4)
    sync (0.5.0)
    term-ansicolor (1.7.1)
      tins (~> 1.0)
    tins (1.25.0)
      sync
    trollop (1.16.2)

PLATFORMS
  ruby

DEPENDENCIES
  cucumber (~> 0.8)
  flexmock (~> 0.8.11)
  rake (< 12)
  right_http_connection!
  rspec (~> 2.3)
  trollop (~> 1.16)

BUNDLED WITH
   1.17.3
